GEM
  remote: http://rubygems.org/
  specs:
    abstract (1.0.0)
    daemons (1.0.10)
    erubis (2.6.6)
      abstract (>= 1.0.0)
    gem_plugin (0.2.3)
    itextomml (1.4.5)
    json (1.4.6)
    mongrel (1.2.0.pre2)
      daemons (~> 1.0.10)
      gem_plugin (~> 0.2.3)
    nokogiri (1.4.3.1)
    rake (0.8.7)
    rubyzip (0.9.4)
    sqlite3-ruby (1.3.1)

PLATFORMS
  ruby

DEPENDENCIES
  erubis
  itextomml (>= 1.4.5)
  json
  mongrel (>= 1.2.0.pre2)
  nokogiri
  rake
  rubyzip
  sqlite3-ruby
